GEM
  remote: http://rubygems.org/
  specs:
    builder (3.0.0)
    cucumber (1.1.2)
      builder (>= 2.1.2)
      diff-lcs (>= 1.1.2)
      gherkin (~> 2.6.2)
      json (>= 1.4.6)
      term-ansicolor (>= 1.0.6)
    diff-lcs (1.1.3)
    gherkin (2.6.4)
      json (>= 1.4.6)
    json (1.6.1)
    term-ansicolor (1.0.7)
    test-unit (2.4.1)

PLATFORMS
  ruby

DEPENDENCIES
  cucumber
  test-unit
